PATH
  remote: .
  specs:
    matias (0.1.0)

GEM
  remote: https://rubygems.org/
  specs:
    rake (13.2.1)

PLATFORMS
  arm64-darwin-22

DEPENDENCIES
  matias!
  rake (~> 13.0)

BUNDLED WITH
   2.4.12
